PATH
  remote: ../gameui
  specs:
    gameui (0.0.0)
      gosu

PATH
  remote: ../schwerengine
  specs:
    schwerengine (0.0.0)
      gosu
      log4r

GEM
  remote: https://rubygems.org/
  specs:
    gosu (0.10.6)
    log4r (1.1.10)
    power_assert (0.2.7)
    test-unit (3.1.7)
      power_assert

PLATFORMS
  ruby

DEPENDENCIES
  gameui!
  gosu
  log4r
  schwerengine!
  test-unit

BUNDLED WITH
   1.13.6
